GEM
  remote: https://rubygems.org/
  specs:
    ruby2d (0.11.3)

PLATFORMS
  arm64-darwin-21

DEPENDENCIES
  ruby2d

BUNDLED WITH
   2.3.22
